RESTRICTION: >= net461
NUGET
  remote: https://www.nuget.org/api/v2
    DiffSharp (0.7.7)
      FSharp.Quotations.Evaluator (>= 1.0.6)
    FSharp.Charting (0.91.1)
    FSharp.Core (4.3.4)
    FSharp.Quotations.Evaluator (1.0.7)
    NAudio (1.8.4)
